GEM
  remote: https://rubygems.org/
  specs:
    PriorityQueue (0.1.2)
    ast (2.3.0)
    domain_name (0.5.20160826)
      unf (>= 0.0.5, < 1.0.0)
    gds-api-adapters (36.0.0)
      link_header
      lrucache (~> 0.1.1)
      null_logger
      plek (>= 1.9.0)
      rack-cache
      rest-client (~> 2.0)
    govuk-lint (1.2.1)
      rubocop (~> 0.39.0)
      scss_lint
    http-cookie (1.0.2)
      domain_name (~> 0.5)
    link_header (0.0.8)
    lrucache (0.1.4)
      PriorityQueue (~> 0.1.2)
    mime-types (3.1)
      mime-types-data (~> 3.2015)
    mime-types-data (3.2016.0521)
    netrc (0.11.0)
    null_logger (0.0.1)
    parser (2.3.1.2)
      ast (~> 2.2)
    plek (1.12.0)
    powerpack (0.1.1)
    rack (2.0.1)
    rack-cache (1.6.1)
      rack (>= 0.4)
    rainbow (2.1.0)
    rake (11.2.2)
    rest-client (2.0.0)
      http-cookie (>= 1.0.2, < 2.0)
      mime-types (>= 1.16, < 4.0)
      netrc (~> 0.8)
    rubocop (0.39.0)
      parser (>= 2.3.0.7, < 3.0)
      powerpack (~> 0.1)
      rainbow (>= 1.99.1, < 3.0)
      ruby-progressbar (~> 1.7)
      unicode-display_width (~> 1.0, >= 1.0.1)
    ruby-progressbar (1.8.1)
    sass (3.4.22)
    scss_lint (0.49.0)
      rake (>= 0.9, < 12)
      sass (~> 3.4.20)
    unf (0.1.4)
      unf_ext
    unf_ext (0.0.7.2)
    unicode-display_width (1.1.0)

PLATFORMS
  ruby

DEPENDENCIES
  gds-api-adapters (~> 36.0)
  govuk-lint
  rake (~> 11.2, >= 11.2.2)

BUNDLED WITH
   1.12.5
