GEM
  remote: https://rubygems.org/
  specs:
    PriorityQueue (0.1.2)
    domain_name (0.5.20160615)
      unf (>= 0.0.5, < 1.0.0)
    gds-api-adapters (33.2.0)
      link_header
      lrucache (~> 0.1.1)
      null_logger
      plek (>= 1.9.0)
      rack-cache
      rest-client (~> 2.0)
    http-cookie (1.0.2)
      domain_name (~> 0.5)
    link_header (0.0.8)
    lrucache (0.1.4)
      PriorityQueue (~> 0.1.2)
    mime-types (3.1)
      mime-types-data (~> 3.2015)
    mime-types-data (3.2016.0521)
    netrc (0.11.0)
    null_logger (0.0.1)
    plek (1.12.0)
    rack (2.0.1)
    rack-cache (1.6.1)
      rack (>= 0.4)
    rake (11.2.2)
    rest-client (2.0.0)
      http-cookie (>= 1.0.2, < 2.0)
      mime-types (>= 1.16, < 4.0)
      netrc (~> 0.8)
    unf (0.1.4)
      unf_ext
    unf_ext (0.0.7.2)

PLATFORMS
  ruby

DEPENDENCIES
  gds-api-adapters (~> 33.2)
  rake (~> 11.2, >= 11.2.2)

BUNDLED WITH
   1.12.5
